GEM
  specs:
    aws-sdk (2.9.40)
      aws-sdk-resources (= 2.9.40)
    aws-sdk-core (2.9.40)
      aws-sigv4 (~> 1.0)
      jmespath (~> 1.0)
    aws-sdk-resources (2.9.40)
      aws-sdk-core (= 2.9.40)
    aws-sigv4 (1.0.0)
    jmespath (1.3.1)
    mini_portile2 (2.2.0)
    nokogiri (1.8.0)
      mini_portile2 (~> 2.2.0)
    paint (1.0.1)
    restclient (0.14.4)
      paint (~> 1.0)

PLATFORMS
  ruby

DEPENDENCIES
  aws-sdk (>= 2.9.40)
  nokogiri (>= 1.8.0)
  restclient (>= 0.14.4)

BUNDLED WITH
   1.15.1
